GEM
  remote: http://rubygems.org/
  specs:
    rake (0.8.7)
    rspec (1.3.1)
    timecop (0.3.5)

PLATFORMS
  ruby

DEPENDENCIES
  rake
  rspec (= 1.3.1)
  timecop
